GEM
  remote: https://rubygems.org/
  specs:
    aws-sdk (1.33.0)
      json (~> 1.4)
      nokogiri (>= 1.4.4)
      uuidtools (~> 2.1)
    chunky_png (1.2.9)
    colored (1.2)
    commander (4.2.1)
      highline (~> 1.6.11)
    compass (0.12.2)
      chunky_png (~> 1.2)
      fssm (>= 0.2.7)
      sass (~> 3.1)
    configure-s3-website (1.5.2)
      deep_merge (= 1.0.0)
    deep_merge (1.0.0)
    erubis (2.7.0)
    filey-diff (1.4.3)
    fssm (0.2.10)
    highline (1.6.21)
    json (1.8.1)
    little-plugger (1.1.3)
    logging (1.8.2)
      little-plugger (>= 1.1.3)
      multi_json (>= 1.8.4)
    mime-types (1.25.1)
    mini_portile (0.5.2)
    multi_json (1.10.1)
    nokogiri (1.6.1)
      mini_portile (~> 0.5.0)
    nokogiri (1.6.1-x86-mingw32)
      mini_portile (~> 0.5.0)
    rake (10.1.1)
    redcarpet (3.2.1)
    s3_website (1.6.12)
      aws-sdk (= 1.33.0)
      configure-s3-website (= 1.5.2)
      erubis (~> 2.7.0)
      filey-diff (~> 1.4.3)
      mime-types (~> 1)
      simple-cloudfront-invalidator (~> 1)
      thor (= 0.18.1)
    sass (3.2.13)
    simple-cloudfront-invalidator (1.0.1)
      colored (= 1.2)
    slim (2.1.0)
      temple (~> 0.6.9)
      tilt (>= 1.3.3, < 2.1)
    temple (0.6.10)
    thor (0.18.1)
    tilt (2.0.1)
    usmu (0.3.0.dev)
      commander (~> 4.2)
      deep_merge (~> 1.0)
      logging (~> 1.8)
      redcarpet (~> 3.2, >= 3.2.1)
      slim (~> 2.1)
      tilt (~> 2.0)
    uuidtools (2.1.4)

PLATFORMS
  ruby
  x64-mingw32
  x86-mingw32

DEPENDENCIES
  compass
  rake
  s3_website
  sass
  usmu (~> 0.2)
