GEM
  remote: https://rubygems.org/
  specs:
    aws-sdk (2.2.8)
      aws-sdk-resources (= 2.2.8)
    aws-sdk-core (2.2.8)
      jmespath (~> 1.0)
    aws-sdk-resources (2.2.8)
      aws-sdk-core (= 2.2.8)
    bitters (1.1.0)
      bourbon (>= 4.2)
      sass (>= 3.4)
      thor
    bourbon (4.2.6)
      sass (~> 3.4)
      thor (~> 0.19)
    commander (4.3.5)
      highline (~> 1.7.2)
    deep_merge (1.0.1)
    highline (1.7.8)
    jmespath (1.1.3)
    json (1.8.3)
    little-plugger (1.1.4)
    logging (2.0.0)
      little-plugger (~> 1.1)
      multi_json (~> 1.10)
    multi_json (1.11.2)
    neat (1.7.2)
      bourbon (>= 4.0)
      sass (>= 3.3)
    ox (2.2.3)
    posix-spawn (0.3.11)
    pygments.rb (0.6.3)
      posix-spawn (~> 0.3.6)
      yajl-ruby (~> 1.2.0)
    rack (1.6.4)
    rake (10.4.2)
    redcarpet (3.3.4)
    sass (3.4.20)
    slim (3.0.6)
      temple (~> 0.7.3)
      tilt (>= 1.3.3, < 2.1)
    temple (0.7.6)
    thor (0.19.1)
    tilt (2.0.1)
    usmu (1.4.2)
      commander (~> 4.2)
      deep_merge (~> 1.0)
      json (~> 1.8)
      logging (~> 2.0)
      rack (~> 1.6)
      redcarpet (~> 3.3)
      slim (~> 3.0)
      tilt (~> 2.0)
    usmu-s3 (1.0.3)
      aws-sdk (~> 2.0)
      logging (~> 2.0)
      usmu (~> 1.0)
    usmu-sitemap (1.0.0)
      logging (~> 2.0)
      ox (~> 2.2)
      usmu (~> 1.2)
    yajl-ruby (1.2.1)

PLATFORMS
  x64-mingw32

DEPENDENCIES
  bitters (~> 1.1)
  bourbon (~> 4.2)
  neat (~> 1.7)
  pygments.rb (~> 0.6)
  rake (~> 10.4)
  redcarpet (~> 3.0)
  sass (~> 3.3)
  usmu (~> 1.3)
  usmu-s3 (~> 1.0)
  usmu-sitemap (~> 1.0)

BUNDLED WITH
   1.11.2
